PATH
  remote: .
  specs:
    nyulibraries_errors (0.0.1)

GEM
  remote: https://rubygems.org/
  specs:

PLATFORMS
  ruby

DEPENDENCIES
  nyulibraries_errors!

BUNDLED WITH
   1.11.2
